GEM
  remote: https://rubygems.org/
  specs:
    addressable (2.4.0)
    chronic (0.10.2)
    mail (2.6.4)
      mime-types (>= 1.16, < 4)
    mime-types (3.0)
      mime-types-data (~> 3.2015)
    mime-types-data (3.2016.0221)
    multi_json (1.11.2)
    promise (0.3.1)
    rack (1.6.4)
    simple_oauth (0.3.1)
    weary (1.1.3)
      addressable (~> 2.3)
      multi_json (~> 1.7)
      promise (~> 0.3.0)
      rack (~> 1.5)
      simple_oauth (~> 0.2)
    whenever (0.9.4)
      chronic (>= 0.6.3)

PLATFORMS
  ruby

DEPENDENCIES
  mail
  weary
  whenever

BUNDLED WITH
   1.11.2
